GEM
  remote: https://rubygems.org/
  specs:
    hpricot (0.8.6)
    html2slim (0.0.4)
      hpricot
    slim (2.0.2)
      temple (~> 0.6.6)
      tilt (>= 1.3.3, < 2.1)
    temple (0.6.7)
    tilt (1.4.1)

PLATFORMS
  ruby

DEPENDENCIES
  html2slim
  slim
